GIT
  remote: git@github.com:sonots/triglav-client-ruby
  revision: 70824717937344aaa98852e08e8ed6d0249a2117
  specs:
    triglav_client (0.1.24)
      json (~> 1.8, >= 1.8.3)
      typhoeus (~> 1.0, >= 1.0.1)

GEM
  remote: http://rubygems.org/
  specs:
    ethon (0.10.1)
      ffi (>= 1.3.0)
    ffi (1.9.14)
    json (1.8.3)
    parallel (1.9.0)
    typhoeus (1.1.2)
      ethon (>= 0.9.0)

PLATFORMS
  ruby

DEPENDENCIES
  parallel
  triglav_client!

BUNDLED WITH
   1.13.7
